GEM
  remote: http://rubygems.org/
  specs:
    minitest (5.9.1)

PLATFORMS
  ruby

DEPENDENCIES
  minitest
